GEM
  remote: https://rubygems.org/
  specs:
    chronic (0.10.2)
    colorize (0.7.7)
    highline (1.7.8)
    mini_portile2 (2.0.0)
    nokogiri (1.6.7.2)
      mini_portile2 (~> 2.0.0.rc2)

PLATFORMS
  ruby

DEPENDENCIES
  chronic
  colorize
  highline
  nokogiri

BUNDLED WITH
   1.11.2
